GEM
  remote: https://rubygems.org/
  specs:
    rack (1.6.4)
    roda (2.12.0)
      rack

PLATFORMS
  ruby

DEPENDENCIES
  roda

BUNDLED WITH
   1.10.6
